GEM
  remote: https://rubygems.org/
  specs:
    diff-lcs (1.2.1)
    facter (1.6.18)
    json (1.7.7)
    librarian-puppet (0.9.9)
      json
      thor (~> 0.15)
    metaclass (0.0.1)
    mocha (0.13.3)
      metaclass (~> 0.0.1)
    puppet (2.7.21)
      facter (~> 1.5)
    puppet-lint (0.3.2)
    puppetlabs_spec_helper (0.4.1)
      mocha (>= 0.10.5)
      rake
      rspec (>= 2.9.0)
      rspec-puppet (>= 0.1.1)
    rake (10.0.3)
    rspec (2.13.0)
      rspec-core (~> 2.13.0)
      rspec-expectations (~> 2.13.0)
      rspec-mocks (~> 2.13.0)
    rspec-core (2.13.1)
    rspec-expectations (2.13.0)
      diff-lcs (>= 1.1.3, < 2.0)
    rspec-mocks (2.13.0)
    rspec-puppet (0.1.6)
      rspec
    thor (0.18.1)

PLATFORMS
  ruby

DEPENDENCIES
  librarian-puppet
  puppet (~> 2.7)
  puppet-lint (~> 0.3)
  puppetlabs_spec_helper (~> 0.4)
  rake
  rspec-puppet (~> 0.1)
